RESTRICTION: || (== net472) (== netstandard2.0)
NUGET
  remote: https://www.nuget.org/api/v2
    FAKE (5.16)
    FSharp.Core (6.0.5) - redirects: force
    FSharp.Formatting (16.1)
    Microsoft.NETCore.Platforms (6.0.5) - restriction: || (&& (== net472) (< net35)) (&& (== net472) (>= netcoreapp2.0)) (&& (== net472) (< netstandard1.0) (>= win8)) (&& (== net472) (< netstandard1.3) (>= wpa81)) (&& (== net472) (< netstandard1.5) (>= uap10.0)) (&& (== net472) (>= uap10.1)) (&& (== net472) (>= wp8)) (== netstandard2.0)
    NETStandard.Library (2.0.3) - restriction: || (&& (== net472) (< net35)) (== netstandard2.0)
      Microsoft.NETCore.Platforms (>= 1.1)
    NUnit (3.13.3)
      NETStandard.Library (>= 2.0) - restriction: || (&& (== net472) (< net35)) (== netstandard2.0)
    NUnit.Console (3.15.2)
      NUnit.ConsoleRunner (>= 3.15.2)
      NUnit.Extension.NUnitProjectLoader (>= 3.6)
      NUnit.Extension.NUnitV2Driver (>= 3.8)
      NUnit.Extension.NUnitV2ResultWriter (>= 3.6)
      NUnit.Extension.TeamCityEventListener (>= 1.0.7)
      NUnit.Extension.VSProjectLoader (>= 3.8)
    NUnit.ConsoleRunner (3.15.2)
    NUnit.Extension.NUnitProjectLoader (3.7.1)
    NUnit.Extension.NUnitV2Driver (3.9)
    NUnit.Extension.NUnitV2ResultWriter (3.7)
    NUnit.Extension.TeamCityEventListener (1.0.7)
    NUnit.Extension.VSProjectLoader (3.9)
    NUnit.Runners (3.12)
      NUnit.Console (>= 3.12)
    NUnit3TestAdapter (4.2.1)
    Octokit (0.17)
    SourceLink.Fake (1.1)
GITHUB
  remote: fsharp/FAKE
    modules/Octokit/Octokit.fsx (917a86046700e4eaaa2aa09de7895e048eaaa1b1)
      Octokit